GEM
  remote: http://rubygems.org/
  specs:
    appium_lib (6.0.0)
      awesome_print (~> 1.6, >= 1.6.0)
      json (~> 1.8, >= 1.8.1)
      nokogiri (~> 1.6.3.1)
      selenium-webdriver (~> 2.41, >= 2.41.0)
      toml (~> 0.0, >= 0.0.4)
    awesome_print (1.9.2)
    builder (3.2.3)
    childprocess (0.9.0)
      ffi (~> 1.0, >= 1.0.11)
    cucumber (2.1.0)
      builder (>= 2.1.2)
      cucumber-core (~> 1.3.0)
      diff-lcs (>= 1.1.3)
      gherkin3 (~> 3.1.0)
      multi_json (>= 1.7.5, < 2.0)
      multi_test (>= 0.1.2)
    cucumber-core (1.3.1)
      gherkin3 (~> 3.1.0)
    diff-lcs (1.3)
    ffi (1.15.5)
    ffi (1.15.5-x64-mingw32)
    gherkin3 (3.1.2)
    json (1.8.6)
    mini_portile (0.6.0)
    multi_json (1.13.1)
    multi_test (0.1.2)
    nokogiri (1.6.3.1)
      mini_portile (= 0.6.0)
    nokogiri (1.6.3.1-x64-mingw32)
      mini_portile (= 0.6.0)
    parslet (2.0.0)
    rubyzip (1.3.0)
    selenium-webdriver (2.53.4)
      childprocess (~> 0.5)
      rubyzip (~> 1.0)
      websocket (~> 1.0)
    toml (0.3.0)
      parslet (>= 1.8.0, < 3.0.0)
    websocket (1.2.9)

PLATFORMS
  ruby
  x64-mingw32
  x86_64-linux

DEPENDENCIES
  appium_lib (~> 6.0)
  cucumber (~> 2.1.0)
  nokogiri (~> 1.6.3.1)

BUNDLED WITH
   1.17.2
